GIT
  remote: https://github.com/intrigueio/recog.git
  revision: d6be4b8008add1cc90c69b276c223cf7345e31f1
  specs:
    recog-intrigue (2.3.7)
      nokogiri

PATH
  remote: .
  specs:
    intrigue-ident (6.0.0)
      dnsruby
      mongo
      murmurhash3
      recog-intrigue
      snmp
      socketry
      typhoeus

GEM
  remote: https://rubygems.org/
  specs:
    bindata (2.4.10)
    bson (4.15.0)
    coderay (1.1.3)
    connection_pool (2.3.0)
    diff-lcs (1.5.0)
    dnsruby (1.61.9)
      simpleidn (~> 0.1)
    ethon (0.15.0)
      ffi (>= 1.15.0)
    ffi (1.15.5)
    hitimes (1.3.1)
    json (2.6.2)
    method_source (1.0.0)
    mini_portile2 (2.8.0)
    mongo (2.18.1)
      bson (>= 4.14.1, < 5.0.0)
    murmurhash3 (0.1.6)
    nokogiri (1.13.10)
      mini_portile2 (~> 2.8.0)
      racc (~> 1.4)
    openssl (3.0.1)
    openssl-ccm (1.2.3)
    openssl-cmac (2.0.2)
    pry (0.14.1)
      coderay (~> 1.1)
      method_source (~> 1.0)
    racc (1.6.1)
    redis (5.0.4)
      redis-client (>= 0.7.4)
    redis-client (0.8.1)
      connection_pool
    rspec (3.11.0)
      rspec-core (~> 3.11.0)
      rspec-expectations (~> 3.11.0)
      rspec-mocks (~> 3.11.0)
    rspec-core (3.11.0)
      rspec-support (~> 3.11.0)
    rspec-expectations (3.11.1)
      diff-lcs (>= 1.2.0, < 2.0)
      rspec-support (~> 3.11.0)
    rspec-mocks (3.11.1)
      diff-lcs (>= 1.2.0, < 2.0)
      rspec-support (~> 3.11.0)
    rspec-support (3.11.1)
    ruby_smb (3.2.0)
      bindata
      openssl-ccm
      openssl-cmac
      rubyntlm
      windows_error (>= 0.1.4)
    rubyntlm (0.6.3)
    simpleidn (0.2.1)
      unf (~> 0.1.4)
    slop (4.9.2)
    snmp (1.3.2)
    socketry (0.5.1)
      hitimes (~> 1.2)
    typhoeus (1.4.0)
      ethon (>= 0.9.0)
    unf (0.1.4)
      unf_ext
    unf_ext (0.0.8.2)
    windows_error (0.1.4)

PLATFORMS
  ruby

DEPENDENCIES
  dnsruby
  intrigue-ident!
  json
  murmurhash3
  openssl
  pry
  recog-intrigue!
  redis
  rspec (~> 3.0)
  rspec-core
  rspec-expectations
  ruby_smb
  slop
  snmp
  socketry
  typhoeus

RUBY VERSION
   ruby 2.7.2p137

BUNDLED WITH
   2.3.21
